PATH
  remote: .
  specs:
    rubrowser (2.7.1)
      litecable
      parser
      puma
      websocket

GEM
  remote: https://rubygems.org/
  specs:
    anyway_config (1.4.2)
    ast (2.4.0)
    byebug (10.0.2)
    diff-lcs (1.3)
    jaro_winkler (1.5.2)
    litecable (0.5.0)
      anyway_config (~> 1.0)
    parallel (1.13.0)
    parser (2.6.0.0)
      ast (~> 2.4.0)
    powerpack (0.1.2)
    puma (3.12.0)
    rainbow (3.0.0)
    rake (10.5.0)
    rspec (3.8.0)
      rspec-core (~> 3.8.0)
      rspec-expectations (~> 3.8.0)
      rspec-mocks (~> 3.8.0)
    rspec-core (3.8.0)
      rspec-support (~> 3.8.0)
    rspec-expectations (3.8.2)
      diff-lcs (>= 1.2.0, < 2.0)
      rspec-support (~> 3.8.0)
    rspec-mocks (3.8.0)
      diff-lcs (>= 1.2.0, < 2.0)
      rspec-support (~> 3.8.0)
    rspec-support (3.8.0)
    rubocop (0.63.1)
      jaro_winkler (~> 1.5.1)
      parallel (~> 1.10)
      parser (>= 2.5, != 2.5.1.1)
      powerpack (~> 0.1)
      rainbow (>= 2.2.2, < 4.0)
      ruby-progressbar (~> 1.7)
      unicode-display_width (~> 1.4.0)
    ruby-progressbar (1.10.0)
    unicode-display_width (1.4.1)
    websocket (1.2.8)

PLATFORMS
  ruby

DEPENDENCIES
  bundler
  byebug
  rake (~> 10.0)
  rspec
  rubocop
  rubrowser!

BUNDLED WITH
   1.17.1
